GEM
  remote: https://rubygems.org/
  specs:
    haml (4.0.4)
      tilt
    pg (0.17.0)
    rack (1.5.2)
    rack-protection (1.5.1)
      rack
    rake (10.1.1)
    sinatra (1.4.4)
      rack (~> 1.4)
      rack-protection (~> 1.4)
      tilt (~> 1.3, >= 1.3.4)
    statsmix (1.0.0)
    tilt (1.4.1)

PLATFORMS
  ruby

DEPENDENCIES
  haml
  pg
  rake
  sinatra (>= 1.3.0)
  statsmix
